GEM
  remote: http://rubygems.org/
  remote: http://gems.github.com/
  specs:
    amp-core (0.2.0)
    amp-front (0.2.0)
    builder (2.1.2)
    cucumber (0.9.4)
      builder (~> 2.1.2)
      diff-lcs (~> 1.1.2)
      gherkin (~> 2.2.9)
      json (~> 1.4.6)
      term-ansicolor (~> 1.0.5)
    devver-construct (1.1.0)
    diff-lcs (1.1.2)
    gherkin (2.2.9)
      json (~> 1.4.6)
      term-ansicolor (~> 1.0.5)
    json (1.4.6)
    minitest (2.0.0)
    rspec (2.2.0)
      rspec-core (~> 2.2)
      rspec-expectations (~> 2.2)
      rspec-mocks (~> 2.2)
    rspec-core (2.2.1)
    rspec-expectations (2.2.0)
      diff-lcs (~> 1.1.2)
    rspec-mocks (2.2.0)
    rugged (0.1.2)
    term-ansicolor (1.0.5)
    yard (0.6.3)

PLATFORMS
  ruby

DEPENDENCIES
  amp-core (>= 0.1.0)
  amp-front (>= 0.1.0)
  cucumber
  devver-construct
  minitest
  rspec (>= 2.0.0)
  rugged (= 0.1.2)
  yard
